GEM
  remote: http://rubygems.org/
  specs:
    foreman (0.41.0)
      thor (>= 0.13.6)
    rack (1.4.1)
    thor (0.15.4)

PLATFORMS
  ruby

DEPENDENCIES
  foreman
  rack
